GIT
  remote: git://github.com/gregbell/active_admin.git
  revision: 37048c723f0ec5ac618e6317d96952758b42736b
  specs:
    activeadmin (0.6.1)
      arbre (~> 1.0)
      bourbon
      coffee-rails
      devise (~> 3.0)
      formtastic (~> 2.3.0.rc2)
      inherited_resources (~> 1.3)
      jquery-rails
      jquery-ui-rails
      kaminari (~> 0.13)
      rails (>= 3.2, < 4.1)
      ransack (~> 1.0)
      sass-rails

GEM
  remote: https://rubygems.org/
  specs:
    actionmailer (4.0.0)
      actionpack (= 4.0.0)
      mail (~> 2.5.3)
    actionpack (4.0.0)
      activesupport (= 4.0.0)
      builder (~> 3.1.0)
      erubis (~> 2.7.0)
      rack (~> 1.5.2)
      rack-test (~> 0.6.2)
    activemodel (4.0.0)
      activesupport (= 4.0.0)
      builder (~> 3.1.0)
    activerecord (4.0.0)
      activemodel (= 4.0.0)
      activerecord-deprecated_finders (~> 1.0.2)
      activesupport (= 4.0.0)
      arel (~> 4.0.0)
    activerecord-deprecated_finders (1.0.3)
    activesupport (4.0.0)
      i18n (~> 0.6, >= 0.6.4)
      minitest (~> 4.2)
      multi_json (~> 1.3)
      thread_safe (~> 0.1)
      tzinfo (~> 0.3.37)
    addressable (2.3.5)
    arbre (1.0.1)
      activesupport (>= 3.0.0)
    arel (4.0.0)
    atomic (1.1.14)
    authlogic (3.3.0)
      activerecord (>= 3.2)
      activesupport (>= 3.2)
    autoparse (0.3.3)
      addressable (>= 2.3.1)
      extlib (>= 0.9.15)
      multi_json (>= 1.0.0)
    bcrypt-ruby (3.1.2)
    better_errors (1.0.1)
      coderay (>= 1.0.0)
      erubis (>= 2.6.6)
    binding_of_caller (0.7.2)
      debug_inspector (>= 0.0.1)
    bootstrap-sass (2.3.2.2)
      sass (~> 3.2)
    bourbon (3.1.8)
      sass (>= 3.2.0)
      thor
    builder (3.1.4)
    coderay (1.1.0)
    coffee-rails (4.0.0)
      coffee-script (>= 2.2.0)
      railties (>= 4.0.0.beta, < 5.0)
    coffee-script (2.2.0)
      coffee-script-source
      execjs
    coffee-script-source (1.6.3)
    commonjs (0.2.7)
    debug_inspector (0.0.2)
    devise (3.1.1)
      bcrypt-ruby (~> 3.0)
      orm_adapter (~> 0.1)
      railties (>= 3.2.6, < 5)
      thread_safe (~> 0.1)
      warden (~> 1.2.3)
    erubis (2.7.0)
    execjs (2.0.2)
    extlib (0.9.16)
    faraday (0.8.8)
      multipart-post (~> 1.2.0)
    formtastic (2.3.0.rc2)
      actionpack (>= 3.0)
    gmail_xoauth (0.4.1)
      oauth (>= 0.3.6)
    google-api-client (0.6.4)
      addressable (>= 2.3.2)
      autoparse (>= 0.3.3)
      extlib (>= 0.9.15)
      faraday (~> 0.8.4)
      jwt (>= 0.1.5)
      launchy (>= 2.1.1)
      multi_json (>= 1.0.0)
      signet (~> 0.4.5)
      uuidtools (>= 2.1.0)
    has_scope (0.6.0.rc)
      actionpack (>= 3.2, < 5)
      activesupport (>= 3.2, < 5)
    hashie (2.0.5)
    hike (1.2.3)
    httpauth (0.2.0)
    i18n (0.6.5)
    inherited_resources (1.4.1)
      has_scope (~> 0.6.0.rc)
      responders (~> 1.0.0.rc)
    jbuilder (1.5.2)
      activesupport (>= 3.0.0)
      multi_json (>= 1.2.0)
    jquery-rails (2.3.0)
      railties (>= 3.0, < 5.0)
      thor (>= 0.14, < 2.0)
    jquery-ui-rails (4.1.0)
      railties (>= 3.1.0)
    json (1.8.0)
    jwt (0.1.8)
      multi_json (>= 1.5)
    kaminari (0.14.1)
      actionpack (>= 3.0.0)
      activesupport (>= 3.0.0)
    launchy (2.3.0)
      addressable (~> 2.3)
    less (2.4.0)
      commonjs (~> 0.2.7)
    less-rails (2.4.2)
      actionpack (>= 3.1)
      less (~> 2.4.0)
    libv8 (3.16.14.3)
    mail (2.5.4)
      mime-types (~> 1.16)
      treetop (~> 1.4.8)
    mime-types (1.25)
    minitest (4.7.5)
    multi_json (1.8.1)
    multipart-post (1.2.0)
    oauth (0.4.7)
    oauth2 (0.8.1)
      faraday (~> 0.8)
      httpauth (~> 0.1)
      jwt (~> 0.1.4)
      multi_json (~> 1.0)
      rack (~> 1.2)
    omniauth (1.1.4)
      hashie (>= 1.2, < 3)
      rack
    omniauth-google-oauth2 (0.2.1)
      omniauth (~> 1.0)
      omniauth-oauth2
    omniauth-oauth2 (1.1.1)
      oauth2 (~> 0.8.0)
      omniauth (~> 1.0)
    open_id_authentication (1.2.0)
      rack-openid (~> 1.3)
    orm_adapter (0.4.0)
    pg (0.17.0)
    polyamorous (0.6.4)
      activerecord (>= 3.0)
    polyglot (0.3.3)
    rack (1.5.2)
    rack-mini-profiler (0.1.31)
      rack (>= 1.1.3)
    rack-openid (1.3.1)
      rack (>= 1.1.0)
      ruby-openid (>= 2.1.8)
    rack-test (0.6.2)
      rack (>= 1.0)
    rails (4.0.0)
      actionmailer (= 4.0.0)
      actionpack (= 4.0.0)
      activerecord (= 4.0.0)
      activesupport (= 4.0.0)
      bundler (>= 1.3.0, < 2.0)
      railties (= 4.0.0)
      sprockets-rails (~> 2.0.0)
    rails_12factor (0.0.2)
      rails_serve_static_assets
      rails_stdout_logging
    rails_serve_static_assets (0.0.1)
    rails_stdout_logging (0.0.3)
    railties (4.0.0)
      actionpack (= 4.0.0)
      activesupport (= 4.0.0)
      rake (>= 0.8.7)
      thor (>= 0.18.1, < 2.0)
    rake (10.1.0)
    ransack (1.0.0)
      actionpack (>= 3.0)
      activerecord (>= 3.0)
      polyamorous (~> 0.6.0)
    rdoc (3.12.2)
      json (~> 1.4)
    ref (1.0.5)
    responders (1.0.0)
      railties (>= 3.2, < 5)
    retina_tag (1.2.2)
      jquery-rails
      rails (>= 4.0)
    ruby-openid (2.3.0)
    russian (0.6.0)
      i18n (>= 0.5.0)
    sass (3.2.12)
    sass-rails (4.0.0)
      railties (>= 4.0.0.beta, < 5.0)
      sass (>= 3.1.10)
      sprockets-rails (~> 2.0.0)
    sdoc (0.3.20)
      json (>= 1.1.3)
      rdoc (~> 3.10)
    signet (0.4.5)
      addressable (>= 2.2.3)
      faraday (~> 0.8.1)
      jwt (>= 0.1.5)
      multi_json (>= 1.0.0)
    sprockets (2.10.0)
      hike (~> 1.2)
      multi_json (~> 1.0)
      rack (~> 1.0)
      tilt (~> 1.1, != 1.3.0)
    sprockets-rails (2.0.0)
      actionpack (>= 3.0)
      activesupport (>= 3.0)
      sprockets (~> 2.8)
    sqlite3 (1.3.8)
    therubyracer (0.12.0)
      libv8 (~> 3.16.14.0)
      ref
    thor (0.18.1)
    thread_safe (0.1.3)
      atomic
    tilt (1.4.1)
    treetop (1.4.15)
      polyglot
      polyglot (>= 0.3.1)
    turbolinks (1.3.0)
      coffee-rails
    tzinfo (0.3.38)
    uglifier (2.2.1)
      execjs (>= 0.3.0)
      multi_json (~> 1.0, >= 1.0.2)
    uuidtools (2.1.4)
    warden (1.2.3)
      rack (>= 1.0)

PLATFORMS
  ruby

DEPENDENCIES
  activeadmin!
  authlogic (~> 3.3.0)
  better_errors
  binding_of_caller
  bootstrap-sass (~> 2.3.2.2)
  coffee-rails (~> 4.0.0)
  gmail_xoauth (~> 0.4.1)
  google-api-client (~> 0.6.4)
  jbuilder (~> 1.2)
  jquery-rails
  less-rails
  mail (~> 2.5.4)
  oauth (~> 0.4.7)
  omniauth-google-oauth2 (~> 0.2.1)
  open_id_authentication (~> 1.2.0)
  pg
  rack-mini-profiler
  rails (= 4.0.0)
  rails_12factor
  retina_tag
  ruby-openid (~> 2.3.0)
  russian (~> 0.6.0)
  sass-rails (~> 4.0.0)
  sdoc
  sqlite3
  therubyracer
  turbolinks
  uglifier (>= 1.3.0)
